GEM
  remote: http://rubygems.org/
  specs:
    exif (1.0.1)
    thor (0.19.4)

PLATFORMS
  ruby

DEPENDENCIES
  exif
  thor

BUNDLED WITH
   1.15.3
